PATH
  remote: .
  specs:
    redis-timeline (0.2.1)
      activemodel
      activesupport
      hashie
      multi_json
      rake
      redis
      redis-namespace

GEM
  remote: http://rubygems.org/
  specs:
    activemodel (7.0.3)
      activesupport (= 7.0.3)
    activesupport (7.0.3)
      concurrent-ruby (~> 1.0, >= 1.0.2)
      i18n (>= 1.6, < 2)
      minitest (>= 5.1)
      tzinfo (~> 2.0)
    concurrent-ruby (1.1.10)
    diff-lcs (1.5.0)
    hashie (5.0.0)
    i18n (1.10.0)
      concurrent-ruby (~> 1.0)
    minitest (5.16.0)
    multi_json (1.15.0)
    rake (13.0.6)
    redis (4.6.0)
    redis-namespace (1.8.2)
      redis (>= 3.0.4)
    rspec (3.1.0)
      rspec-core (~> 3.1.0)
      rspec-expectations (~> 3.1.0)
      rspec-mocks (~> 3.1.0)
    rspec-core (3.1.7)
      rspec-support (~> 3.1.0)
    rspec-expectations (3.1.2)
      diff-lcs (>= 1.2.0, < 2.0)
      rspec-support (~> 3.1.0)
    rspec-mocks (3.1.3)
      rspec-support (~> 3.1.0)
    rspec-support (3.1.2)
    sqlite3 (1.3.9)
    tzinfo (2.0.4)
      concurrent-ruby (~> 1.0)

PLATFORMS
  ruby

DEPENDENCIES
  redis-timeline!
  rspec
  sqlite3
