PATH
  remote: .
  specs:
    redis_timeline (0.1.6)
      activemodel (~> 4.0.0.rc1)
      activesupport (~> 4.0.0.rc1)
      hashie
      multi_json
      redis
      redis-namespace

GEM
  remote: http://rubygems.org/
  specs:
    activemodel (4.0.0.rc2)
      activesupport (= 4.0.0.rc2)
      builder (~> 3.1.0)
    activesupport (4.0.0.rc2)
      i18n (~> 0.6, >= 0.6.4)
      minitest (~> 4.2)
      multi_json (~> 1.3)
      thread_safe (~> 0.1)
      tzinfo (~> 0.3.37)
    atomic (1.1.9)
    builder (3.1.4)
    diff-lcs (1.1.3)
    hashie (2.0.5)
    i18n (0.6.4)
    minitest (4.7.5)
    multi_json (1.7.7)
    redis (3.0.4)
    redis-namespace (1.3.0)
      redis (~> 3.0.0)
    rspec (2.10.0)
      rspec-core (~> 2.10.0)
      rspec-expectations (~> 2.10.0)
      rspec-mocks (~> 2.10.0)
    rspec-core (2.10.1)
    rspec-expectations (2.10.0)
      diff-lcs (~> 1.1.3)
    rspec-mocks (2.10.1)
    sqlite3 (1.3.5)
    thread_safe (0.1.0)
      atomic
    tzinfo (0.3.37)

PLATFORMS
  ruby

DEPENDENCIES
  redis_timeline!
  rspec
  sqlite3
